GEM
  remote: https://rubygems.org/
  specs:
    atomic (1.1.101)
    avl_tree (1.2.1)
      atomic (~> 1.1)
    bones (3.8.4)
      little-plugger (~> 1.1)
      loquacious (~> 1.9)
      rake (~> 12.0)
      rdoc (~> 5.0)
    docile (1.3.2)
    json (2.2.0)
    little-plugger (1.1.4)
    loquacious (1.9.1)
    power_assert (1.1.5)
    rake (12.3.3)
    rdoc (5.1.0)
    simplecov (0.17.0)
      docile (~> 1.1)
      json (>= 1.8, < 3)
      simplecov-html (~> 0.10.0)
    simplecov-html (0.10.2)
    test-unit (3.3.3)
      power_assert

PLATFORMS
  ruby

DEPENDENCIES
  avl_tree
  bones
  rake
  simplecov
  test-unit

BUNDLED WITH
   1.16.6
